GEM
  remote: https://rubygems.org/
  specs:
    TimezoneParser (0.2.0)
      insensitive_hash
      tzinfo
    addressable (2.4.0)
    faraday (0.9.2)
      multipart-post (>= 1.2, < 3)
    google_calendar (0.5.1)
      TimezoneParser (~> 0.2.0)
      json (~> 1.8)
      signet (~> 0.6)
    icalendar (2.3.0)
    icalendar-recurrence (1.1.0)
      icalendar (~> 2.0)
      ice_cube (~> 0.13.0)
    ice_cube (0.13.3)
    insensitive_hash (0.3.3)
    json (1.8.3)
    jwt (1.5.2)
    multi_json (1.11.2)
    multipart-post (2.0.0)
    signet (0.7.2)
      addressable (~> 2.3)
      faraday (~> 0.9)
      jwt (~> 1.5)
      multi_json (~> 1.10)
    thread_safe (0.3.5)
    tzinfo (1.2.2)
      thread_safe (~> 0.1)

PLATFORMS
  ruby

DEPENDENCIES
  google_calendar
  icalendar
  icalendar-recurrence

BUNDLED WITH
   1.10.6
